GEM
  remote: https://rubygems.org/
  specs:
    aws-sdk (3.0.1)
      aws-sdk-resources (~> 3)
    coderay (1.1.2)
    jmespath (1.4.0)
    method_source (0.9.2)
    mustermann (1.1.1)
      ruby2_keywords (~> 0.0.1)
    mysql2 (0.5.3)
    pry (0.12.2)
      coderay (~> 1.1.0)
      method_source (~> 0.9.0)
    rack (2.2.2)
    rack-protection (2.0.8.1)
      rack
    ruby2_keywords (0.0.2)
    sequel (5.29.0)
    shotgun (0.9.2)
      rack (>= 1.0)
    sinatra (2.0.8.1)
      mustermann (~> 1.0)
      rack (~> 2.0)
      rack-protection (= 2.0.8.1)
      tilt (~> 2.0)
    sqlite3 (1.4.2)
    tilt (2.0.10)

PLATFORMS
  ruby

DEPENDENCIES
  aws-sdk
  mysql2
  pry
  sequel
  shotgun
  sinatra
  sqlite3

BUNDLED WITH
   2.1.4
